PATH
  remote: /Users/ehaselwanter/repositories/t-labs-hardening/kitchen-sharedtests
  specs:
    kitchen-sharedtests (0.2.0)
      git

GEM
  remote: https://rubygems.org/
  specs:
    CFPropertyList (2.2.7)
    builder (3.2.2)
    excon (0.33.0)
    facter (2.0.1)
      CFPropertyList (~> 2.2.6)
    fog (1.22.0)
      fog-brightbox
      fog-core (~> 1.21, >= 1.21.1)
      fog-json
      nokogiri (~> 1.5, >= 1.5.11)
    fog-brightbox (0.0.2)
      fog-core
      fog-json
    fog-core (1.22.0)
      builder
      excon (~> 0.33)
      formatador (~> 0.2)
      mime-types
      net-scp (~> 1.1)
      net-ssh (>= 2.1.3)
    fog-json (1.0.0)
      multi_json (~> 1.0)
    formatador (0.2.4)
    git (1.2.6)
    hiera (1.3.2)
      json_pure
    highline (1.6.21)
    json (1.8.1)
    json_pure (1.8.1)
    kitchen-openstack (1.4.0)
      fog (~> 1.18)
      test-kitchen (~> 1.1)
      unf
    kitchen-puppet (0.0.8)
    kitchen-vagrant (0.15.0)
      test-kitchen (~> 1.0)
    librarian (0.1.2)
      highline
      thor (~> 0.15)
    librarian-puppet (1.0.1)
      json
      librarian (>= 0.1.2)
    mime-types (2.2)
    mini_portile (0.5.3)
    mixlib-shellout (1.4.0)
    multi_json (1.10.0)
    net-scp (1.2.1)
      net-ssh (>= 2.6.5)
    net-ssh (2.9.0)
    nokogiri (1.6.1)
      mini_portile (~> 0.5.0)
    puppet (3.5.1)
      facter (> 1.6, < 3)
      hiera (~> 1.0)
      json_pure
      rgen (~> 0.6.5)
    rgen (0.6.6)
    safe_yaml (1.0.3)
    test-kitchen (1.2.1)
      mixlib-shellout (~> 1.2)
      net-scp (~> 1.1)
      net-ssh (~> 2.7)
      safe_yaml (~> 1.0)
      thor (~> 0.18)
    thor (0.19.1)
    unf (0.1.4)
      unf_ext
    unf_ext (0.0.6)

PLATFORMS
  ruby

DEPENDENCIES
  kitchen-openstack
  kitchen-puppet (= 0.0.8)
  kitchen-sharedtests!
  kitchen-vagrant
  librarian-puppet
  puppet
  test-kitchen
