GEM
  remote: https://rubygems.org/
  specs:
    CFPropertyList (2.2.7)
    facter (2.0.1)
      CFPropertyList (~> 2.2.6)
    hiera (1.3.2)
      json_pure
    highline (1.6.21)
    json (1.8.1)
    json_pure (1.8.1)
    kitchen-puppet (0.0.7)
    kitchen-vagrant (0.15.0)
      test-kitchen (~> 1.0)
    librarian (0.1.2)
      highline
      thor (~> 0.15)
    librarian-puppet (1.0.1)
      json
      librarian (>= 0.1.2)
    mixlib-shellout (1.4.0)
    net-scp (1.2.1)
      net-ssh (>= 2.6.5)
    net-ssh (2.9.0)
    puppet (3.5.1)
      facter (> 1.6, < 3)
      hiera (~> 1.0)
      json_pure
      rgen (~> 0.6.5)
    rgen (0.6.6)
    safe_yaml (1.0.3)
    test-kitchen (1.2.1)
      mixlib-shellout (~> 1.2)
      net-scp (~> 1.1)
      net-ssh (~> 2.7)
      safe_yaml (~> 1.0)
      thor (~> 0.18)
    thor (0.19.1)

PLATFORMS
  ruby

DEPENDENCIES
  kitchen-puppet
  kitchen-vagrant
  librarian-puppet
  puppet
  test-kitchen
